GEM
  remote: https://www.rubygems.org/
  specs:
    amq-protocol (2.3.0)
    bunny (2.9.1)
      amq-protocol (~> 2.3.0)
    faraday (0.12.2)
      multipart-post (>= 1.2, < 3)
    json (2.1.0)
    multipart-post (2.0.0)
    test_driven_lighting (1.2.0)
      bunny (~> 2.7)
      faraday (~> 0.12.2)
      json (~> 2.1)

PLATFORMS
  x64-mingw32

DEPENDENCIES
  test_driven_lighting

BUNDLED WITH
   1.16.1
